GIT
  remote: https://github.com/typus/typus.git
  revision: 0e70667e39fca5f09a86800b3ea2bff90a266fbe
  ref: 0e70667e39fca5f09a86800b3ea2bff90a266fbe
  specs:
    typus (4.0.0.beta1)
      bcrypt (~> 3.1.5)
      rails (~> 4.1)

GEM
  remote: https://rubygems.org/
  specs:
    actionmailer (4.1.9)
      actionpack (= 4.1.9)
      actionview (= 4.1.9)
      mail (~> 2.5, >= 2.5.4)
    actionpack (4.1.9)
      actionview (= 4.1.9)
      activesupport (= 4.1.9)
      rack (~> 1.5.2)
      rack-test (~> 0.6.2)
    actionview (4.1.9)
      activesupport (= 4.1.9)
      builder (~> 3.1)
      erubis (~> 2.7.0)
    activemodel (4.1.9)
      activesupport (= 4.1.9)
      builder (~> 3.1)
    activerecord (4.1.9)
      activemodel (= 4.1.9)
      activesupport (= 4.1.9)
      arel (~> 5.0.0)
    activesupport (4.1.9)
      i18n (~> 0.6, >= 0.6.9)
      json (~> 1.7, >= 1.7.7)
      minitest (~> 5.1)
      thread_safe (~> 0.1)
      tzinfo (~> 1.1)
    arel (5.0.1.20140414130214)
    bcrypt (3.1.10)
    builder (3.2.2)
    coffee-rails (4.0.1)
      coffee-script (>= 2.2.0)
      railties (>= 4.0.0, < 5.0)
    coffee-script (2.3.0)
      coffee-script-source
      execjs
    coffee-script-source (1.9.0)
    devise (3.4.1)
      bcrypt (~> 3.0)
      orm_adapter (~> 0.1)
      railties (>= 3.2.6, < 5)
      responders
      thread_safe (~> 0.1)
      warden (~> 1.2.3)
    domain_name (0.5.23)
      unf (>= 0.0.5, < 1.0.0)
    erubis (2.7.0)
    execjs (2.3.0)
    flextures (3.1.1)
    hike (1.2.3)
    http-cookie (1.0.2)
      domain_name (~> 0.5)
    i18n (0.7.0)
    i18n_generators (1.2.1)
      mechanize
      rails (>= 3.0.0)
      rails (>= 3.0.0)
      rails (>= 3.0.0)
      rails (>= 3.0.0)
      rails (>= 3.0.0)
      rails (>= 3.0.0)
      rails (>= 3.0.0)
      rails (>= 3.0.0)
      rails (>= 3.0.0)
      rails (>= 3.0.0)
      rails (>= 3.0.0)
      rails (>= 3.0.0)
      rails (>= 3.0.0)
      rails (>= 3.0.0)
      rails (>= 3.0.0)
      rails (>= 3.0.0)
      rails (>= 3.0.0)
      rails (>= 3.0.0)
      rails (>= 3.0.0)
      rails (>= 3.0.0)
      rails (>= 3.0.0)
      rails (>= 3.0.0)
      rails (>= 3.0.0)
      rails (>= 3.0.0)
      rails (>= 3.0.0)
      rails (>= 3.0.0)
      rails (>= 3.0.0)
      rails (>= 3.0.0)
      rails (>= 3.0.0)
      rails (>= 3.0.0)
      rails (>= 3.0.0)
      rails (>= 3.0.0)
      rails (>= 3.0.0)
      rails (>= 3.0.0)
      rails (>= 3.0.0)
      rails (>= 3.0.0)
      rails (>= 3.0.0)
      rails (>= 3.0.0)
      rails (>= 3.0.0)
      rails (>= 3.0.0)
      rails (>= 3.0.0)
      rails (>= 3.0.0)
      rails (>= 3.0.0)
      rails (>= 3.0.0)
      rails (>= 3.0.0)
      rails (>= 3.0.0)
      rails (>= 3.0.0)
      rails (>= 3.0.0)
      rails (>= 3.0.0)
      rails (>= 3.0.0)
      rails (>= 3.0.0)
      rails (>= 3.0.0)
      rails (>= 3.0.0)
      rails (>= 3.0.0)
      rails (>= 3.0.0)
      rails (>= 3.0.0)
      rails (>= 3.0.0)
      rails (>= 3.0.0)
      rails (>= 3.0.0)
      rails (>= 3.0.0)
      rails (>= 3.0.0)
      rails (>= 3.0.0)
      rails (>= 3.0.0)
      rails (>= 3.0.0)
      rails (>= 3.0.0)
      rails (>= 3.0.0)
      rails (>= 3.0.0)
      rails (>= 3.0.0)
      rails (>= 3.0.0)
      rails (>= 3.0.0)
      rails (>= 3.0.0)
      rails (>= 3.0.0)
      rails (>= 3.0.0)
      rails (>= 3.0.0)
      rails (>= 3.0.0)
      rails (>= 3.0.0)
      rails (>= 3.0.0)
      rails (>= 3.0.0)
      rails (>= 3.0.0)
      rails (>= 3.0.0)
      rails (>= 3.0.0)
      rails (>= 3.0.0)
      rails (>= 3.0.0)
      rails (>= 3.0.0)
      rails (>= 3.0.0)
      rails (>= 3.0.0)
      rails (>= 3.0.0)
      rails (>= 3.0.0)
      rails (>= 3.0.0)
      rails (>= 3.0.0)
      rails (>= 3.0.0)
      rails (>= 3.0.0)
      rails (>= 3.0.0)
      rails (>= 3.0.0)
      rails (>= 3.0.0)
      rails (>= 3.0.0)
      rails (>= 3.0.0)
      rails (>= 3.0.0)
      rails (>= 3.0.0)
      rails (>= 3.0.0)
      rails (>= 3.0.0)
      rails (>= 3.0.0)
      rails (>= 3.0.0)
      rails (>= 3.0.0)
      rails (>= 3.0.0)
      rails (>= 3.0.0)
      rails (>= 3.0.0)
      rails (>= 3.0.0)
      rails (>= 3.0.0)
      rails (>= 3.0.0)
      rails (>= 3.0.0)
      rails (>= 3.0.0)
      rails (>= 3.0.0)
      rails (>= 3.0.0)
      rails (>= 3.0.0)
      rails (>= 3.0.0)
      rails (>= 3.0.0)
      rails (>= 3.0.0)
      rails (>= 3.0.0)
      rails (>= 3.0.0)
      rails (>= 3.0.0)
      rails (>= 3.0.0)
      rails (>= 3.0.0)
      rails (>= 3.0.0)
      rails (>= 3.0.0)
      rails (>= 3.0.0)
      rails (>= 3.0.0)
      rails (>= 3.0.0)
      rails (>= 3.0.0)
      rails (>= 3.0.0)
      rails (>= 3.0.0)
      rails (>= 3.0.0)
      rails (>= 3.0.0)
      rails (>= 3.0.0)
      rails (>= 3.0.0)
      rails (>= 3.0.0)
      rails (>= 3.0.0)
      rails (>= 3.0.0)
      rails (>= 3.0.0)
      rails (>= 3.0.0)
      rails (>= 3.0.0)
      rails (>= 3.0.0)
      rails (>= 3.0.0)
      rails (>= 3.0.0)
      rails (>= 3.0.0)
      rails (>= 3.0.0)
      rails (>= 3.0.0)
      rails (>= 3.0.0)
      rails (>= 3.0.0)
      rails (>= 3.0.0)
      rails (>= 3.0.0)
      rails (>= 3.0.0)
      rails (>= 3.0.0)
      rails (>= 3.0.0)
      rails (>= 3.0.0)
      rails (>= 3.0.0)
      rails (>= 3.0.0)
      rails (>= 3.0.0)
      rails (>= 3.0.0)
      rails (>= 3.0.0)
      rails (>= 3.0.0)
      rails (>= 3.0.0)
      rails (>= 3.0.0)
      rails (>= 3.0.0)
      rails (>= 3.0.0)
      rails (>= 3.0.0)
      rails (>= 3.0.0)
      rails (>= 3.0.0)
      rails (>= 3.0.0)
      rails (>= 3.0.0)
      rails (>= 3.0.0)
      rails (>= 3.0.0)
      rails (>= 3.0.0)
      rails (>= 3.0.0)
      rails (>= 3.0.0)
      rails (>= 3.0.0)
      rails (>= 3.0.0)
      rails (>= 3.0.0)
      rails (>= 3.0.0)
      rails (>= 3.0.0)
      rails (>= 3.0.0)
      rails (>= 3.0.0)
      rails (>= 3.0.0)
      rails (>= 3.0.0)
      rails (>= 3.0.0)
      rails (>= 3.0.0)
      rails (>= 3.0.0)
      rails (>= 3.0.0)
      rails (>= 3.0.0)
      rails (>= 3.0.0)
      rails (>= 3.0.0)
      rails (>= 3.0.0)
      rails (>= 3.0.0)
      rails (>= 3.0.0)
      rails (>= 3.0.0)
      rails (>= 3.0.0)
      rails (>= 3.0.0)
      rails (>= 3.0.0)
      rails (>= 3.0.0)
      rails (>= 3.0.0)
      rails (>= 3.0.0)
      rails (>= 3.0.0)
      rails (>= 3.0.0)
      rails (>= 3.0.0)
      rails (>= 3.0.0)
      rails (>= 3.0.0)
      rails (>= 3.0.0)
      rails (>= 3.0.0)
      rails (>= 3.0.0)
      rails (>= 3.0.0)
      rails (>= 3.0.0)
    jbuilder (2.2.6)
      activesupport (>= 3.0.0, < 5)
      multi_json (~> 1.2)
    jquery-rails (3.1.2)
      railties (>= 3.0, < 5.0)
      thor (>= 0.14, < 2.0)
    json (1.8.2)
    mail (2.6.3)
      mime-types (>= 1.16, < 3)
    mechanize (2.7.3)
      domain_name (~> 0.5, >= 0.5.1)
      http-cookie (~> 1.0)
      mime-types (~> 2.0)
      net-http-digest_auth (~> 1.1, >= 1.1.1)
      net-http-persistent (~> 2.5, >= 2.5.2)
      nokogiri (~> 1.4)
      ntlm-http (~> 0.1, >= 0.1.1)
      webrobots (>= 0.0.9, < 0.2)
    mime-types (2.4.3)
    mini_portile (0.6.2)
    minitest (5.5.1)
    multi_json (1.10.1)
    mysql2 (0.3.16)
    net-http-digest_auth (1.4)
    net-http-persistent (2.9.4)
    nokogiri (1.6.6.2)
      mini_portile (~> 0.6.0)
    ntlm-http (0.1.1)
    orm_adapter (0.5.0)
    rack (1.5.2)
    rack-test (0.6.3)
      rack (>= 1.0)
    rails (4.1.9)
      actionmailer (= 4.1.9)
      actionpack (= 4.1.9)
      actionview (= 4.1.9)
      activemodel (= 4.1.9)
      activerecord (= 4.1.9)
      activesupport (= 4.1.9)
      bundler (>= 1.3.0, < 2.0)
      railties (= 4.1.9)
      sprockets-rails (~> 2.0)
    railties (4.1.9)
      actionpack (= 4.1.9)
      activesupport (= 4.1.9)
      rake (>= 0.8.7)
      thor (>= 0.18.1, < 2.0)
    rake (10.4.2)
    rdoc (4.2.0)
      json (~> 1.4)
    responders (1.1.2)
      railties (>= 3.2, < 4.2)
    sass (3.2.19)
    sass-rails (4.0.5)
      railties (>= 4.0.0, < 5.0)
      sass (~> 3.2.2)
      sprockets (~> 2.8, < 3.0)
      sprockets-rails (~> 2.0)
    sdoc (0.4.1)
      json (~> 1.7, >= 1.7.7)
      rdoc (~> 4.0)
    spring (1.3.1)
    sprockets (2.12.3)
      hike (~> 1.2)
      multi_json (~> 1.0)
      rack (~> 1.0)
      tilt (~> 1.1, != 1.3.0)
    sprockets-rails (2.2.4)
      actionpack (>= 3.0)
      activesupport (>= 3.0)
      sprockets (>= 2.8, < 4.0)
    thor (0.19.1)
    thread_safe (0.3.4)
    tilt (1.4.1)
    turbolinks (2.5.3)
      coffee-rails
    tzinfo (1.2.2)
      thread_safe (~> 0.1)
    uglifier (2.7.0)
      execjs (>= 0.3.0)
      json (>= 1.8.0)
    unf (0.1.4)
      unf_ext
    unf_ext (0.0.6)
    warden (1.2.3)
      rack (>= 1.0)
    webrobots (0.1.1)

PLATFORMS
  ruby

DEPENDENCIES
  coffee-rails (~> 4.0.0)
  devise
  flextures (= 3.1.1)
  i18n_generators
  jbuilder (~> 2.0)
  jquery-rails
  mysql2 (= 0.3.16)
  rails (= 4.1.9)
  sass-rails (~> 4.0.3)
  sdoc (~> 0.4.0)
  spring
  turbolinks
  typus!
  uglifier (>= 1.3.0)
